{
    "Modality": "MR",
    "MagneticFieldStrength": 3,
    "ImagingFrequency": 123.222,
    "Manufacturer": "Siemens",
    "ManufacturersModelName": "Skyra",
    "InstitutionName": "KFU",
    "InstitutionalDepartmentName": "Department",
    "InstitutionAddress": "deleted_by_bidsonym",
    "DeviceSerialNumber": "45250",
    "StationName": "FBMTMR1",
    "BodyPartExamined": "HEAD",
    "PatientPosition": "HFS",
    "ProcedureStepDescription": "deleted_by_bidsonym",
    "SoftwareVersions": "syngo MR D13",
    "MRAcquisitionType": "3D",
    "SeriesDescription": "T2_spc_con_iso_1_no_Grappa",
    "ProtocolName": "T2_spc_con_iso_1_no_Grappa",
    "ScanningSequence": "SE",
    "SequenceVariant": "SK\\SP\\OSP",
    "ScanOptions": "PFP",
    "SequenceName": "*spc_314ns",
    "ImageType": [
        "ORIGINAL",
        "PRIMARY",
        "M",
        "NORM",
        "DIS3D",
        "DIS2D"
    ],
    "SeriesNumber": 10,
    "AcquisitionTime": "10:29:29.270000",
    "AcquisitionNumber": 1,
    "SliceThickness": 1,
    "SAR": 0.175895,
    "EchoTime": 0.568,
    "RepetitionTime": 3.2,
    "FlipAngle": 120,
    "PartialFourier": 1,
    "BaseResolution": 256,
    "ShimSetting": [
        -1502,
        -3654,
        -4435,
        554,
        38,
        46,
        770,
        -91
    ],
    "TxRefAmp": 334.645,
    "PhaseResolution": 1,
    "PhaseOversampling": 0.1,
    "ReceiveCoilName": "Head_32",
    "ReceiveCoilActiveElements": "HEA;HEP",
    "PulseSequenceDetails": "%SiemensSeq%\\tse_vfl",
    "ConsistencyInfo": "N4_VD13A_LATEST_20120616",
    "PercentPhaseFOV": 100,
    "PercentSampling": 100,
    "EchoTrainLength": 303,
    "PhaseEncodingSteps": 259,
    "AcquisitionMatrixPE": 256,
    "ReconMatrixPE": 256,
    "PixelBandwidth": 575,
    "DwellTime": 3.4e-06,
    "PhaseEncodingDirection": "i",
    "ImageOrientationPatientDICOM": [
        0.0474696,
        0.982113,
        0.182208,
        0.0264758,
        0.181112,
        -0.983106
    ],
    "InPlanePhaseEncodingDirectionDICOM": "ROW",
    "ConversionSoftware": "dcm2niix",
    "ConversionSoftwareVersion": "v1.0.20201102"
}