{
    "Modality": "MR",
    "MagneticFieldStrength": 3,
    "ImagingFrequency": 123.222,
    "Manufacturer": "Siemens",
    "ManufacturersModelName": "Skyra",
    "InstitutionName": "KFU",
    "InstitutionalDepartmentName": "Department",
    "InstitutionAddress": "deleted_by_bidsonym",
    "DeviceSerialNumber": "45250",
    "StationName": "FBMTMR1",
    "BodyPartExamined": "HEAD",
    "PatientPosition": "HFS",
    "ProcedureStepDescription": "deleted_by_bidsonym",
    "SoftwareVersions": "syngo MR D13",
    "MRAcquisitionType": "2D",
    "SeriesDescription": "Feedback_1250_LR",
    "ProtocolName": "Feedback_1250_LR",
    "ScanningSequence": "EP",
    "SequenceVariant": "SK\\SS",
    "ScanOptions": "FS",
    "SequenceName": "epfid2d1_96",
    "ImageType": [
        "ORIGINAL",
        "PRIMARY",
        "M",
        "MB",
        "ND",
        "NORM",
        "MOSAIC"
    ],
    "SeriesNumber": 8,
    "AcquisitionTime": "13:17:19.605000",
    "AcquisitionNumber": 1,
    "ImageComments": "Unaliased MB4/PE3",
    "SliceThickness": 2.5,
    "SpacingBetweenSlices": 2.75,
    "SAR": 0.0773004,
    "EchoTime": 0.04,
    "RepetitionTime": 1.25,
    "FlipAngle": 60,
    "PartialFourier": 1,
    "BaseResolution": 96,
    "ShimSetting": [
        -1508,
        -3521,
        -4485,
        415,
        120,
        301,
        600,
        -69
    ],
    "TxRefAmp": 345.137,
    "PhaseResolution": 1,
    "ReceiveCoilName": "Head_32",
    "ReceiveCoilActiveElements": "HEA;HEP",
    "PulseSequenceDetails": "%CustomerSeq%\\cmrr_mbep2d_bold",
    "WipMemBlock": "5e509211-2ce5-41f6-8c82-12b0adcc5778||Sequence: vd13a/master r/df0bdb6; Nov 19 2014 12:09:39 by eja",
    "ConsistencyInfo": "N4_VD13A_LATEST_20120616",
    "MultibandAccelerationFactor": 4,
    "PercentPhaseFOV": 100,
    "PercentSampling": 100,
    "EchoTrainLength": 96,
    "PhaseEncodingSteps": 96,
    "AcquisitionMatrixPE": 96,
    "ReconMatrixPE": 96,
    "BandwidthPerPixelPhaseEncode": 15.783,
    "EffectiveEchoSpacing": 0.000659993,
    "DerivedVendorReportedEchoSpacing": 0.000659993,
    "TotalReadoutTime": 0.0626993,
    "PixelBandwidth": 2480,
    "DwellTime": 2.1e-06,
    "PhaseEncodingDirection": "j",
    "SliceTiming": [
        0,
        0.6625,
        0.095,
        0.7575,
        0.1875,
        0.85,
        0.2825,
        0.945,
        0.3775,
        1.04,
        0.4725,
        1.135,
        0.5675,
        0,
        0.6625,
        0.095,
        0.7575,
        0.1875,
        0.85,
        0.2825,
        0.945,
        0.3775,
        1.04,
        0.4725,
        1.135,
        0.5675,
        0,
        0.6625,
        0.095,
        0.7575,
        0.1875,
        0.85,
        0.2825,
        0.945,
        0.3775,
        1.04,
        0.4725,
        1.135,
        0.5675,
        0,
        0.6625,
        0.095,
        0.7575,
        0.1875,
        0.85,
        0.2825,
        0.945,
        0.3775,
        1.04,
        0.4725,
        1.135,
        0.5675
    ],
    "ImageOrientationPatientDICOM": [
        0.999173,
        -0.022219,
        -0.0340438,
        0.0244193,
        0.997545,
        0.0656396
    ],
    "InPlanePhaseEncodingDirectionDICOM": "COL",
    "ConversionSoftware": "dcm2niix",
    "ConversionSoftwareVersion": "v1.0.20201102",
    "TaskName": "feedback"
}